GIT
  remote: git://github.com/plataformatec/devise.git
  revision: 4f76e6f5772366f03c44b4e7d2ac36172cb81f0d
  specs:
    devise (1.4.2)
      bcrypt-ruby (~> 3.0)
      orm_adapter (~> 0.0.3)
      warden (~> 1.0.3)

GIT
  remote: git://github.com/rails/rails.git
  revision: e145acd6f16cd039613cb1bcadc18b31b54c91de
  specs:
    actionmailer (3.2.0.beta)
      actionpack (= 3.2.0.beta)
      mail (~> 2.3.0)
    actionpack (3.2.0.beta)
      activemodel (= 3.2.0.beta)
      activesupport (= 3.2.0.beta)
      builder (~> 3.0.0)
      erubis (~> 2.7.0)
      i18n (~> 0.6)
      rack (~> 1.3.2)
      rack-cache (~> 1.0.2)
      rack-mount (~> 0.8.1)
      rack-test (~> 0.6.0)
      sprockets (~> 2.0.0.beta.14)
    activemodel (3.2.0.beta)
      activesupport (= 3.2.0.beta)
      bcrypt-ruby (~> 3.0.0)
      builder (~> 3.0.0)
      i18n (~> 0.6)
    activerecord (3.2.0.beta)
      activemodel (= 3.2.0.beta)
      activesupport (= 3.2.0.beta)
      arel (~> 2.2.1)
      tzinfo (~> 0.3.29)
    activeresource (3.2.0.beta)
      activemodel (= 3.2.0.beta)
      activesupport (= 3.2.0.beta)
    activesupport (3.2.0.beta)
      i18n (~> 0.6)
      multi_json (~> 1.0)
    rails (3.2.0.beta)
      actionmailer (= 3.2.0.beta)
      actionpack (= 3.2.0.beta)
      activerecord (= 3.2.0.beta)
      activeresource (= 3.2.0.beta)
      activesupport (= 3.2.0.beta)
      bundler (~> 1.0)
      railties (= 3.2.0.beta)
    railties (3.2.0.beta)
      actionpack (= 3.2.0.beta)
      activesupport (= 3.2.0.beta)
      rack-ssl (~> 1.3.2)
      rake (>= 0.8.7)
      rdoc (~> 3.4)
      thor (~> 0.14.6)

GEM
  remote: http://rubygems.org/
  specs:
    arel (2.2.1)
    bcrypt-ruby (3.0.0)
    builder (3.0.0)
    erubis (2.7.0)
    hike (1.2.1)
    i18n (0.6.0)
    mail (2.3.0)
      i18n (>= 0.4.0)
      mime-types (~> 1.16)
      treetop (~> 1.4.8)
    mime-types (1.16)
    multi_json (1.0.3)
    orm_adapter (0.0.5)
    pg (0.11.0)
    polyglot (0.3.2)
    rack (1.3.2)
    rack-cache (1.0.3)
      rack (>= 0.4)
    rack-mount (0.8.2)
      rack (>= 1.0.0)
    rack-ssl (1.3.2)
      rack
    rack-test (0.6.1)
      rack (>= 1.0)
    rake (0.9.2)
    rdoc (3.9.4)
    sprockets (2.0.0.beta.15)
      hike (~> 1.2)
      rack (~> 1.0)
      tilt (~> 1.1, != 1.3.0)
    thor (0.14.6)
    tilt (1.3.3)
    treetop (1.4.10)
      polyglot
      polyglot (>= 0.3.1)
    tzinfo (0.3.29)
    warden (1.0.5)
      rack (>= 1.0)
    will_paginate (3.0.0)

PLATFORMS
  ruby

DEPENDENCIES
  devise!
  pg
  rails!
  will_paginate
